PATH
  remote: .
  specs:
    promiscuous-newrelic (0.3.0)
      activesupport
      newrelic_rpm
      promiscuous (>= 0.50.0)

GEM
  remote: https://rubygems.org/
  specs:
    activemodel (4.2.2)
      activesupport (= 4.2.2)
      builder (~> 3.1)
    activesupport (4.2.2)
      i18n (~> 0.7)
      json (~> 1.7, >= 1.7.7)
      minitest (~> 5.1)
      thread_safe (~> 0.3, >= 0.3.4)
      tzinfo (~> 1.1)
    algorithms (0.6.1)
    amq-protocol (1.9.2)
    builder (3.2.2)
    bunny (1.7.0)
      amq-protocol (>= 1.9.2)
    coderay (1.1.0)
    diff-lcs (1.2.5)
    fnv (0.2.0)
    i18n (0.7.0)
    json (1.8.3)
    method_source (0.8.2)
    minitest (5.7.0)
    multi_json (1.8.4)
    newrelic_rpm (3.12.0.288)
    promiscuous (0.100.5)
      activemodel (>= 3)
      activesupport (>= 3)
      algorithms (~> 0.6.1)
      amq-protocol (>= 1.8.0)
      bunny (>= 0.10.7)
      fnv (= 0.2.0)
      multi_json (~> 1.8.0)
      redis (~> 3.0.2)
      ruby-progressbar (~> 1.2.0)
    pry (0.10.1)
      coderay (~> 1.1.0)
      method_source (~> 0.8.1)
      slop (~> 3.4)
    redis (3.0.7)
    rspec (3.2.0)
      rspec-core (~> 3.2.0)
      rspec-expectations (~> 3.2.0)
      rspec-mocks (~> 3.2.0)
    rspec-core (3.2.3)
      rspec-support (~> 3.2.0)
    rspec-expectations (3.2.1)
      diff-lcs (>= 1.2.0, < 2.0)
      rspec-support (~> 3.2.0)
    rspec-mocks (3.2.1)
      diff-lcs (>= 1.2.0, < 2.0)
      rspec-support (~> 3.2.0)
    rspec-support (3.2.2)
    ruby-progressbar (1.2.0)
    slop (3.6.0)
    thread_safe (0.3.5)
    tzinfo (1.2.2)
      thread_safe (~> 0.1)

PLATFORMS
  ruby

DEPENDENCIES
  promiscuous-newrelic!
  pry
  rspec (~> 3.2)
